{
	"TaskName": "pain",
	"Modality": "MR",
	"MagneticFieldStrength": 3,
	"ImagingFrequency": 123.239,
	"Manufacturer": "Siemens",
	"ManufacturersModelName": "Prisma_fit",
	"InstitutionName": "University_of_Maryland",
	"InstitutionalDepartmentName": "Department",
	"InstitutionAddress": "South_Paca_St_110_Baltimore_District_US_21201",
	"DeviceSerialNumber": "167023",
	"StationName": "MRC35035",
	"BodyPartExamined": "BRAIN",
	"PatientPosition": "HFS",
	"SoftwareVersions": "syngo_MR_E11",
	"MRAcquisitionType": "2D",
	"SeriesDescription": "ses-01_task-pain_run-03_bold",
	"ProtocolName": "ses-01_task-pain_run-03_bold",
	"ScanningSequence": "EP",
	"SequenceVariant": "SK",
	"ScanOptions": "FS",
	"SequenceName": "_epfid2d1_80",
	"ImageType": ["ORIGINAL", "PRIMARY", "M", "ND", "NORM", "MOSAIC"],
	"SeriesNumber": 10,
	"AcquisitionTime": "14:37:18.937500",
	"AcquisitionNumber": 1,
	"SliceThickness": 3,
	"SpacingBetweenSlices": 3,
	"SAR": 0.0664761,
	"EchoTime": 0.035,
	"RepetitionTime": 1.75,
	"FlipAngle": 75,
	"PartialFourier": 1,
	"BaseResolution": 80,
	"ShimSetting": [
		3212,
		-11975,
		6693,
		399,
		0,
		-380,
		-113,
		-11	],
	"TxRefAmp": 227.986,
	"PhaseResolution": 1,
	"ReceiveCoilName": "HeadNeck_64",
	"ReceiveCoilActiveElements": "HC1-7",
	"PulseSequenceDetails": "%SiemensSeq%_ep2d_bold",
	"RefLinesPE": 24,
	"ConsistencyInfo": "N4_VE11C_LATEST_20160120",
	"MultibandAccelerationFactor": 2,
	"PercentPhaseFOV": 100,
	"PercentSampling": 100,
	"EchoTrainLength": 39,
	"PhaseEncodingSteps": 79,
	"AcquisitionMatrixPE": 80,
	"ReconMatrixPE": 80,
	"BandwidthPerPixelPhaseEncode": 51.02,
	"ParallelReductionFactorInPlane": 2,
	"EffectiveEchoSpacing": 0.000245002,
	"DerivedVendorReportedEchoSpacing": 0.000490004,
	"TotalReadoutTime": 0.0193552,
	"PixelBandwidth": 2605,
	"DwellTime": 2.4e-06,
	"PhaseEncodingDirection": "j-",
	"SliceTiming": [
		1.2975,
		0,
		0.865,
		0.0625,
		0.9275,
		0.1225,
		0.9875,
		0.185,
		1.05,
		0.2475,
		1.1125,
		0.31,
		1.175,
		0.37,
		1.235,
		0.495,
		1.36,
		0.555,
		1.42,
		0.6175,
		1.4825,
		0.68,
		1.545,
		0.7425,
		1.605,
		0.8025,
		1.6675,
		0.4325,
		1.2975,
		0,
		0.865,
		0.0625,
		0.9275,
		0.1225,
		0.9875,
		0.185,
		1.05,
		0.2475,
		1.1125,
		0.31,
		1.175,
		0.37,
		1.235,
		0.495,
		1.36,
		0.555,
		1.42,
		0.6175,
		1.4825,
		0.68,
		1.545,
		0.7425,
		1.605,
		0.8025,
		1.6675,
		0.4325	],
	"ImageOrientationPatientDICOM": [
		0.999779,
		0.0103813,
		-0.0182637,
		-0.0122152,
		0.99457,
		-0.10335	],
	"InPlanePhaseEncodingDirectionDICOM": "COL",
	"ConversionSoftware": "dcm2niix",
	"ConversionSoftwareVersion": "v1.0.20200331"
}
