{
	"TaskName": "pain",
	"Modality": "MR",
	"MagneticFieldStrength": 3,
	"ImagingFrequency": 123.239,
	"Manufacturer": "Siemens",
	"ManufacturersModelName": "Prisma_fit",
	"InstitutionName": "University_of_Maryland",
	"InstitutionalDepartmentName": "Department",
	"InstitutionAddress": "South_Paca_St_110_Baltimore_District_US_21201",
	"DeviceSerialNumber": "167023",
	"StationName": "MRC35035",
	"BodyPartExamined": "BRAIN",
	"PatientPosition": "HFS",
	"SoftwareVersions": "syngo_MR_E11",
	"MRAcquisitionType": "2D",
	"SeriesDescription": "ses-01_task-pain_run-03_bold",
	"ProtocolName": "ses-01_task-pain_run-03_bold",
	"ScanningSequence": "EP",
	"SequenceVariant": "SK",
	"ScanOptions": "FS",
	"SequenceName": "_epfid2d1_80",
	"ImageType": ["ORIGINAL", "PRIMARY", "M", "ND", "NORM", "MOSAIC"],
	"SeriesNumber": 7,
	"AcquisitionTime": "16:26:51.250000",
	"AcquisitionNumber": 1,
	"SliceThickness": 3,
	"SpacingBetweenSlices": 3,
	"SAR": 0.0650043,
	"EchoTime": 0.035,
	"RepetitionTime": 1.75,
	"FlipAngle": 75,
	"PartialFourier": 1,
	"BaseResolution": 80,
	"ShimSetting": [
		3209,
		-11925,
		6704,
		447,
		-7,
		-396,
		-187,
		-29	],
	"TxRefAmp": 254.476,
	"PhaseResolution": 1,
	"ReceiveCoilName": "HeadNeck_64",
	"ReceiveCoilActiveElements": "HC1-7",
	"PulseSequenceDetails": "%SiemensSeq%_ep2d_bold",
	"RefLinesPE": 24,
	"ConsistencyInfo": "N4_VE11C_LATEST_20160120",
	"MultibandAccelerationFactor": 2,
	"PercentPhaseFOV": 100,
	"PercentSampling": 100,
	"EchoTrainLength": 39,
	"PhaseEncodingSteps": 79,
	"AcquisitionMatrixPE": 80,
	"ReconMatrixPE": 80,
	"BandwidthPerPixelPhaseEncode": 51.02,
	"ParallelReductionFactorInPlane": 2,
	"EffectiveEchoSpacing": 0.000245002,
	"DerivedVendorReportedEchoSpacing": 0.000490004,
	"TotalReadoutTime": 0.0193552,
	"PixelBandwidth": 2605,
	"DwellTime": 2.4e-06,
	"PhaseEncodingDirection": "j-",
	"SliceTiming": [
		1.295,
		0,
		0.8625,
		0.06,
		0.925,
		0.1225,
		0.9875,
		0.185,
		1.05,
		0.245,
		1.11,
		0.3075,
		1.1725,
		0.37,
		1.235,
		0.4925,
		1.3575,
		0.555,
		1.42,
		0.6175,
		1.4825,
		0.6775,
		1.5425,
		0.74,
		1.605,
		0.8025,
		1.6675,
		0.4325,
		1.295,
		0,
		0.8625,
		0.06,
		0.925,
		0.1225,
		0.9875,
		0.185,
		1.05,
		0.245,
		1.11,
		0.3075,
		1.1725,
		0.37,
		1.235,
		0.4925,
		1.3575,
		0.555,
		1.42,
		0.6175,
		1.4825,
		0.6775,
		1.5425,
		0.74,
		1.605,
		0.8025,
		1.6675,
		0.4325	],
	"ImageOrientationPatientDICOM": [
		0.998075,
		-0.0361534,
		0.0503869,
		0.047068,
		0.970641,
		-0.235885	],
	"InPlanePhaseEncodingDirectionDICOM": "COL",
	"ConversionSoftware": "dcm2niix",
	"ConversionSoftwareVersion": "v1.0.20200331"
}
