{
	"Modality": "MR",
	"MagneticFieldStrength": 3,
	"ImagingFrequency": 123.239,
	"Manufacturer": "Siemens",
	"ManufacturersModelName": "Prisma_fit",
	"InstitutionName": "University_of_Maryland",
	"InstitutionalDepartmentName": "Department",
	"InstitutionAddress": "South_Paca_St_110_Baltimore_District_US_21201",
	"DeviceSerialNumber": "167023",
	"StationName": "MRC35035",
	"BodyPartExamined": "BRAIN",
	"PatientPosition": "HFS",
	"SoftwareVersions": "syngo_MR_E11",
	"MRAcquisitionType": "3D",
	"SeriesDescription": "t1mprage_sag",
	"ProtocolName": "t1mprage_sag",
	"ScanningSequence": "GR_IR",
	"SequenceVariant": "SK_SP_MP",
	"ScanOptions": "IR",
	"SequenceName": "_tfl3d1_16ns",
	"ImageType": ["ORIGINAL", "PRIMARY", "M", "ND", "NORM"],
	"SeriesNumber": 3,
	"AcquisitionTime": "15:44:38.377500",
	"AcquisitionNumber": 1,
	"SliceThickness": 1,
	"SAR": 0.0657049,
	"EchoTime": 0.00294,
	"RepetitionTime": 2.3,
	"InversionTime": 0.9,
	"FlipAngle": 9,
	"PartialFourier": 1,
	"BaseResolution": 256,
	"ShimSetting": [
		3211,
		-12003,
		6503,
		83,
		-26,
		-10,
		-12,
		-11	],
	"TxRefAmp": 253.589,
	"PhaseResolution": 1,
	"ReceiveCoilName": "HeadNeck_64",
	"ReceiveCoilActiveElements": "HC1-7;NC1,2",
	"CoilString": "HC1-7;NC1_2",
	"PulseSequenceDetails": "%SiemensSeq%_tfl",
	"RefLinesPE": 32,
	"ConsistencyInfo": "N4_VE11C_LATEST_20160120",
	"PercentPhaseFOV": 100,
	"PercentSampling": 100,
	"PhaseEncodingSteps": 255,
	"AcquisitionMatrixPE": 256,
	"ReconMatrixPE": 256,
	"ParallelReductionFactorInPlane": 2,
	"PixelBandwidth": 240,
	"DwellTime": 8.2e-06,
	"ImageOrientationPatientDICOM": [
		-0.0190374,
		0.999819,
		3.55098e-08,
		0.0711573,
		0.00135493,
		-0.997464	],
	"InPlanePhaseEncodingDirectionDICOM": "ROW",
	"ConversionSoftware": "dcm2niix",
	"ConversionSoftwareVersion": "v1.0.20200331"
}
